PATH
  remote: .
  specs:
    paratrooper (1.2.2)

GEM
  remote: https://rubygems.org/
  specs:
    activesupport (3.2.13)
      i18n (= 0.6.1)
      multi_json (~> 1.0)
    coderay (1.0.8)
    diff-lcs (1.1.3)
    excon (0.16.10)
    heroku-api (0.3.8)
      excon (~> 0.16.10)
    i18n (0.6.1)
    method_source (0.8.1)
    multi_json (1.7.2)
    netrc (0.7.7)
    pry (0.9.10)
      coderay (~> 1.0.5)
      method_source (~> 0.8)
      slop (~> 3.3.1)
    rake (10.0.3)
    rspec (2.12.0)
      rspec-core (~> 2.12.0)
      rspec-expectations (~> 2.12.0)
      rspec-mocks (~> 2.12.0)
    rspec-core (2.12.2)
    rspec-expectations (2.12.1)
      diff-lcs (~> 1.1.3)
    rspec-mocks (2.12.1)
    slop (3.3.3)

PLATFORMS
  ruby

DEPENDENCIES
  activesupport (>= 3.2.0)
  heroku-api (~> 0.3)
  netrc (~> 0.7)
  paratrooper!
  pry
  rake
  rspec (~> 2.12)
